GEM
  remote: http://rubygems.org/
  specs:
    addressable (2.2.8)
    diff-lcs (1.1.3)
    doodle (0.2.3)
    emk-sinatra-url-for (0.2.1)
      sinatra (>= 0.9.1.1)
    equivalent-xml (0.2.9)
      nokogiri (>= 1.4.3)
    fakeweb (1.3.0)
    haml (3.1.4)
    htmlentities (4.3.1)
    json_pure (1.7.0)
    metaclass (0.0.1)
    mocha (0.11.4)
      metaclass (~> 0.0.1)
    multi_json (1.3.6)
    nokogiri (1.5.2)
    rack (1.4.1)
    rack-protection (1.2.0)
      rack
    rack-test (0.6.1)
      rack (>= 1.0)
    rake (0.9.2.2)
    rdf (0.3.5.2)
      addressable (>= 2.2.6)
    rdf-json (0.3.0)
      json_pure (>= 1.4.2)
      rdf (~> 0.3.0)
    rdf-rdfa (0.3.10)
      haml (>= 3.0.0)
      htmlentities (>= 4.3.0)
      rdf (>= 0.3.3)
      rdf-xsd (>= 0.3.5)
    rdf-rdfxml (0.3.7)
      rdf (>= 0.3.4)
      rdf-xsd (>= 0.3.5)
    rdf-trix (0.3.0)
      rdf (~> 0.3.0)
    rdf-turtle (0.1.1)
      rdf (>= 0.3.4)
    rdf-xsd (0.3.5)
      nokogiri (>= 1.5.0)
      rdf (>= 0.3.4)
    rdiscount (1.6.8)
    rspec (2.10.0)
      rspec-core (~> 2.10.0)
      rspec-expectations (~> 2.10.0)
      rspec-mocks (~> 2.10.0)
    rspec-core (2.10.0)
    rspec-expectations (2.10.0)
      diff-lcs (~> 1.1.3)
    rspec-mocks (2.10.1)
    shotgun (0.9)
      rack (>= 1.0)
    simplecov (0.6.4)
      multi_json (~> 1.0)
      simplecov-html (~> 0.5.3)
    simplecov-html (0.5.3)
    sinatra (1.3.2)
      rack (~> 1.3, >= 1.3.6)
      rack-protection (~> 1.2)
      tilt (~> 1.3, >= 1.3.3)
    sinatra-content-for (0.1)
      sinatra
    tilt (1.3.3)

PLATFORMS
  ruby

DEPENDENCIES
  doodle
  emk-sinatra-url-for
  equivalent-xml
  fakeweb
  json_pure
  mocha
  nokogiri
  rack-test
  rake
  rdf (>= 0.3.1)
  rdf-json
  rdf-rdfa
  rdf-rdfxml (>= 0.3.7)
  rdf-trix
  rdf-turtle
  rdiscount
  rspec (>= 2.7.0)
  shotgun
  simplecov
  sinatra
  sinatra-content-for
